GEM
  remote: https://rubygems.org/
  specs:
    puma (3.12.3)
    rack (1.5.2)

PLATFORMS
  ruby

DEPENDENCIES
  puma
  rack
