GEM
  remote: https://rubygems.org/
  specs:
    puma (2.7.1)
      rack (>= 1.1, < 2.0)
    rack (1.6.12)

PLATFORMS
  ruby

DEPENDENCIES
  puma
  rack
